GEM
  remote: https://rubygems.org/
  specs:
    rack (3.0.10)
    rake (12.3.0)

PLATFORMS
  ruby

DEPENDENCIES
  rack (>= 2.2.8.1)
  rake

BUNDLED WITH
   1.17.3
